PATH
  remote: .
  specs:
    guard-jammit (0.2.0)
      guard
      jammit

GEM
  remote: http://rubygems.org/
  specs:
    POpen4 (0.1.4)
      Platform (>= 0.4.0)
      open4
    Platform (0.4.0)
    guard (0.6.2)
      thor (~> 0.14.6)
    jammit (0.6.3)
      yui-compressor (>= 0.9.3)
    open4 (1.1.0)
    thor (0.14.6)
    yui-compressor (0.9.6)
      POpen4 (>= 0.1.4)

PLATFORMS
  ruby

DEPENDENCIES
  guard-jammit!
